GIT
  remote: git://github.com/tomtt/contentapi-ruby.git
  revision: 4fc4afd18040d6c803c14b80c972d115611edad2
  specs:
    guardian-content (0.2.2)
      httparty (>= 0.5.2)

GEM
  remote: http://rubygems.org/
  specs:
    ZenTest (4.5.0)
    actionmailer (2.3.8)
      actionpack (= 2.3.8)
    actionpack (2.3.8)
      activesupport (= 2.3.8)
      rack (~> 1.1.0)
    activerecord (2.3.8)
      activesupport (= 2.3.8)
    activeresource (2.3.8)
      activesupport (= 2.3.8)
    activesupport (2.3.8)
    autotest-rails (4.1.0)
      ZenTest
    builder (3.0.0)
    capybara (0.4.1.2)
      celerity (>= 0.7.9)
      culerity (>= 0.2.4)
      mime-types (>= 1.16)
      nokogiri (>= 1.3.3)
      rack (>= 1.0.0)
      rack-test (>= 0.5.4)
      selenium-webdriver (>= 0.0.27)
      xpath (~> 0.1.3)
    celerity (0.8.9)
    cgi_multipart_eof_fix (2.5.0)
    childprocess (0.1.9)
      ffi (~> 1.0.6)
    columnize (0.3.2)
    configuration (1.2.0)
    crack (0.1.8)
    cucumber (0.10.2)
      builder (>= 2.1.2)
      diff-lcs (>= 1.1.2)
      gherkin (>= 2.3.5)
      json (>= 1.4.6)
      term-ansicolor (>= 1.0.5)
    cucumber-rails (0.4.1)
      cucumber (>= 0.10.1)
      nokogiri (>= 1.4.4)
      rack-test (>= 0.5.7)
    cuke-inspector (0.0.9)
      cucumber (>= 0.3.104)
    culerity (0.2.15)
    daemons (1.1.3)
    database_cleaner (0.6.7)
    diff-lcs (1.1.2)
    factory_girl (1.3.3)
    fastthread (1.0.7)
    ffi (1.0.8)
    gem_plugin (0.2.3)
    gherkin (2.3.7)
      json (>= 1.4.6)
    heroku (2.1.4)
      launchy (>= 0.3.2)
      rest-client (~> 1.6.1)
      term-ansicolor (~> 1.0.5)
    hoptoad_notifier (2.4.9)
      activesupport
      builder
    httparty (0.7.7)
      crack (= 0.1.8)
    json (1.5.1)
    json_pure (1.5.1)
    launchy (0.4.0)
      configuration (>= 0.0.5)
      rake (>= 0.8.1)
    linecache (0.43)
    mime-types (1.16)
    mongrel (1.1.5)
      cgi_multipart_eof_fix (>= 2.4)
      daemons (>= 1.0.3)
      fastthread (>= 1.0.1)
      gem_plugin (>= 0.2.3)
    mysql (2.8.1)
    nokogiri (1.4.4)
    pickle (0.4.7)
      cucumber (>= 0.8)
      rake
    rack (1.1.2)
    rack-test (0.6.0)
      rack (>= 1.0)
    rails (2.3.8)
      actionmailer (= 2.3.8)
      actionpack (= 2.3.8)
      activerecord (= 2.3.8)
      activeresource (= 2.3.8)
      activesupport (= 2.3.8)
      rake (>= 0.8.3)
    rake (0.8.7)
    rest-client (1.6.1)
      mime-types (>= 1.16)
    rspec (2.6.0)
      rspec-core (~> 2.6.0)
      rspec-expectations (~> 2.6.0)
      rspec-mocks (~> 2.6.0)
    rspec-core (2.6.0)
    rspec-expectations (2.6.0)
      diff-lcs (~> 1.1.2)
    rspec-mocks (2.6.0)
    rspec-rails (1.3.2)
      rack (>= 1.0.0)
      rspec (>= 1.3.0)
    ruby-debug (0.10.4)
      columnize (>= 0.1)
      ruby-debug-base (~> 0.10.4.0)
    ruby-debug-base (0.10.4)
      linecache (>= 0.3)
    rubyzip (0.9.4)
    selenium-webdriver (0.2.0)
      childprocess (>= 0.1.7)
      ffi (>= 1.0.7)
      json_pure
      rubyzip
    sequel (3.20.0)
    sinatra (1.0)
      rack (>= 1.0)
    spork (0.8.4)
    sqlite3 (1.3.3)
    sqlite3-ruby (1.3.3)
      sqlite3 (>= 1.3.3)
    taps (0.3.23)
      rack (>= 1.0.1)
      rest-client (>= 1.4.0, < 1.7.0)
      sequel (~> 3.20.0)
      sinatra (~> 1.0.0)
      sqlite3-ruby (~> 1.2)
    term-ansicolor (1.0.5)
    uuidtools (2.1.2)
    will_paginate (2.3.15)
    xpath (0.1.4)
      nokogiri (~> 1.3)

PLATFORMS
  ruby

DEPENDENCIES
  ZenTest
  autotest-rails
  capybara
  cucumber
  cucumber-rails
  cuke-inspector
  database_cleaner
  factory_girl
  guardian-content!
  heroku
  hoptoad_notifier
  json
  launchy
  mongrel
  mysql
  pickle
  rails (= 2.3.8)
  rspec-rails (= 1.3.2)
  ruby-debug
  spork
  taps (~> 0.3.22)
  term-ansicolor
  uuidtools
  will_paginate
